PATH
  remote: .
  specs:
    raylib (0.5.0)
      ffi (~> 1.17)

GEM
  remote: https://rubygems.org/
  specs:
    ffi (1.17.0-x86_64-linux-gnu)
    rake (13.2.1)

PLATFORMS
  x86_64-linux-gnu

DEPENDENCIES
  rake (~> 13.0)
  raylib!

BUNDLED WITH
   2.5.20
